PATH
  remote: .
  specs:
    migu (0.1.0)
      activesupport (~> 4.2)
      dry-cli (~> 1.0)
      sqlite3 (~> 1.6)

GEM
  remote: https://rubygems.org/
  specs:
    activesupport (4.2.11.3)
      i18n (~> 0.7)
      minitest (~> 5.1)
      thread_safe (~> 0.3, >= 0.3.4)
      tzinfo (~> 1.1)
    concurrent-ruby (1.2.2)
    diff-lcs (1.5.0)
    dry-cli (1.0.0)
    i18n (0.9.5)
      concurrent-ruby (~> 1.0)
    minitest (5.18.1)
    rake (13.0.6)
    rspec (3.12.0)
      rspec-core (~> 3.12.0)
      rspec-expectations (~> 3.12.0)
      rspec-mocks (~> 3.12.0)
    rspec-core (3.12.2)
      rspec-support (~> 3.12.0)
    rspec-expectations (3.12.3)
      diff-lcs (>= 1.2.0, < 2.0)
      rspec-support (~> 3.12.0)
    rspec-mocks (3.12.5)
      diff-lcs (>= 1.2.0, < 2.0)
      rspec-support (~> 3.12.0)
    rspec-support (3.12.1)
    sqlite3 (1.6.3-arm64-darwin)
    sqlite3 (1.6.3-x86_64-linux)
    thread_safe (0.3.6)
    tzinfo (1.2.11)
      thread_safe (~> 0.1)

PLATFORMS
  arm64-darwin-22
  x86_64-linux

DEPENDENCIES
  migu!
  rake (~> 13.0)
  rspec (~> 3.0)

BUNDLED WITH
   2.4.7
